GEM
  remote: https://rubygems.org/
  specs:
    bigdecimal (3.1.9)
    dotenv (3.1.7)
    excon (1.2.2)
    faraday (2.12.0)
      faraday-net_http (>= 2.0, < 3.4)
      json
      logger
    faraday-net_http (3.3.0)
      net-http
    gli (2.22.0)
    json (2.7.2)
    logger (1.6.1)
    mini_portile2 (2.8.8)
    net-http (0.4.1)
      uri
    nordigen-ruby (2.2.0)
      faraday (~> 2.5)
    oj (3.16.8)
      bigdecimal (>= 3.0)
      ostruct (>= 0.2)
    ostruct (0.6.1)
    pushover (3.0.3)
      excon
      gli
      oj
    sequel (5.87.0)
      bigdecimal
    sqlite3 (2.5.0)
      mini_portile2 (~> 2.8.0)
    sqlite3 (2.5.0-arm64-darwin)
    uri (0.13.1)

PLATFORMS
  arm64-darwin-22
  ruby

DEPENDENCIES
  dotenv
  nordigen-ruby
  pushover
  sequel
  sqlite3

BUNDLED WITH
   2.5.11
